[System]
Scanner=SkyScan1272
Instrument S/N=12GY8193
Software Version=1.1.19
Home Directory=C:\SkyScan1272\SkyScan1272
Source Type=HAMAMATSU_L78298_20
Camera Type=XIMEA xiRAY16
Camera Pixel Size (um)=7.4
Camera X/Y Ratio=1.0036
[User]
User Name=kamil
Computer Name=LocalComp
[Acquisition]
Data Directory=D:\Kamil\20190731\1791
Filename Prefix=25_Female_
Filename Index Length=8
Number Of Files= 1200
Number Of Rows= 1640
Number Of Columns= 2452
Partial Width=OFF
Image crop origin X=0
Image crop origin Y=0
Camera binning=2x2
Image Rotation=0.13800
Optical Axis (line)=  874
Camera to Source (mm)=174.82748
Object to Source (mm)=52.52300
Source Voltage (kV)=  60
Source Current (uA)= 166
Image Pixel Size (um)=4.400063
Scaled Image Pixel Size (um)=4.400063
Image Format=TIFF
Depth (bits)=16
Reference Intensity=57000
Camera position=close
Exposure (ms)=650
Rotation Step (deg)=0.300
Use 360 Rotation=YES
Scanning position=66.300 mm
Frame Averaging=ON (2)
Random Movement=OFF (30)
Flat Field Correction=ON
Geometrical Correction=ON
Filter=Al 0.25mm
Gantry direction=CC
Rotation Direction=CC
Type of Detector Motion=STEP AND SHOOT
Scanning Trajectory=ROUND
Number Of Horizontal Offset Positions=1
Number of connected scans=1
Current scan number=1
Number of lines to be reconstructed=0
Study Date and Time=31 Jul 2019  17h:45m:37s
Scan duration=0h:26m:11s
Maximum vertical TS=5.0
[Reconstruction]
Reconstruction Program=NRecon
Program Version=Version: 1.7.3.1
Program Home Directory=C:\SkyScan1272\SkyScan1272
Reconstruction engine=InstaRecon
Engine version=Version: 2.0.4.5
Reconstruction from batch=Yes
Postalignment Applied=1
Postalignment=20.00
Reconstruction servers= TRI-PCI-WW-003 
Dataset Origin=SkyScan1272
Dataset Prefix=25_Female_
Dataset Directory=D:\Kamil\20190731\1791
Output Directory=D:\Kamil\20190731\1791\25_Female_Rec
Time and Date=Aug 01, 2019  17:57:57
First Section=397
Last Section=1521
Reconstruction duration per slice (seconds)=0.101333
Total reconstruction time (1125 slices) in seconds=114.000000
Section to Section Step=1
Sections Count=1125
Result File Type=BMP
Result File Header Length (bytes)=1134
Result Image Width (pixels)=1080
Result Image Height (pixels)=1080
Pixel Size (um)=4.40006
Reconstruction Angular Range (deg)=360.00
Use 180+=OFF
Angular Step (deg)=0.3000
Smoothing=0
Ring Artifact Correction=8
Draw Scales=OFF
Object Bigger than FOV=OFF
Reconstruction from ROI=ON_ROUND
ROI Top (pixels)=1802
ROI Bottom (pixels)=719
ROI Left (pixels)=637
ROI Right (pixels)=1720
ROI reference length=2452
Filter cutoff relative to Nyquist frequency=100
Filter type=0
Filter type description=Hamming (Alpha=0.54)
Undersampling factor=1
Threshold for defect pixel mask (%)=0
Beam Hardening Correction (%)=40
CS Static Rotation (deg)=0.00
CS Static Rotation Total(deg)=0.00
Minimum for CS to Image Conversion=0.000000
Maximum for CS to Image Conversion=0.126500
HU Calibration=OFF
BMP LUT=0
Cone-beam Angle Horiz.(deg)=11.728226
Cone-beam Angle Vert.(deg)=7.859485
[File name convention]
Filename Index Length=8
Filename Prefix=25_Female__IR_rec
