[System]
Scanner=SkyScan1272
Instrument S/N=12GY8193
Software Version=1.1.16
Home Directory=C:\SkyScan1272\SkyScan1272
Source Type=HAMAMATSU_L78298_20
Camera Type=XIMEA xiRAY16
Camera Pixel Size (um)=7.4
Camera X/Y Ratio=0.9977
[User]
User Name=kamil
Computer Name=LocalComp
[Acquisition]
Data Directory=D:\Kamil\CC\815
Filename Prefix=CC_
Filename Index Length=8
Number Of Files=  360
Number Of Rows=  820
Number Of Columns= 1224
Partial Width=OFF
Image crop origin X=0
Image crop origin Y=0
Camera binning=4x4
Image Rotation=-0.11100
Optical Axis (line)=  454
Camera to Source (mm)=274.44448
Object to Source (mm)=200.27050
Source Voltage (kV)=  60
Source Current (uA)= 166
Image Pixel Size (um)=21.600022
Scaled Image Pixel Size (um)=21.600022
Image Format=TIFF
Depth (bits)=16
Reference Intensity=57000
Camera position=far
Exposure (ms)=1121
Rotation Step (deg)=1.000
Use 360 Rotation=YES
Scanning position=63.000 mm
Frame Averaging=OFF (2)
Random Movement=OFF (20)
Flat Field Correction=ON
Geometrical Correction=ON
Filter=Al 0.25mm
Gantry direction=CC
Rotation Direction=CC
Type of Detector Motion=STEP AND SHOOT
Scanning Trajectory=ROUND
Number Of Horizontal Offset Positions=1
Number of connected scans=1
Current scan number=1
Number of lines to be reconstructed=0
Study Date and Time=02 Aug 2018  12h:10m:21s
Scan duration=0h:19m:14s
Maximum vertical TS=5.0
[Reconstruction]
Reconstruction Program=NRecon
Program Version=Version: 1.7.3.1
Program Home Directory=C:\SkyScan1272\SkyScan1272
Reconstruction engine=GPUReconServer
Engine version=Version: 1.7.3
Reconstruction from batch=No
Postalignment Applied=1
Postalignment=8.00
Reconstruction servers= LocalComp 
Dataset Origin=SkyScan1272
Dataset Prefix=CC_
Dataset Directory=D:\Kamil\CC\815
Output Directory=D:\Kamil\CC\815\CC_Rec
Time and Date=Aug 03, 2018  09:41:35
First Section=29
Last Section=795
Reconstruction duration per slice (seconds)=0.067797
Total reconstruction time (767 slices) in seconds=52.000000
Section to Section Step=1
Sections Count=767
Result File Type=BMP
Result File Header Length (bytes)=1134
Result Image Width (pixels)=1224
Result Image Height (pixels)=1224
Pixel Size (um)=21.60002
Reconstruction Angular Range (deg)=360.00
Use 180+=OFF
Angular Step (deg)=1.0000
Smoothing=1
Smoothing kernel=2 (Gaussian)
Ring Artifact Correction=5
Draw Scales=OFF
Object Bigger than FOV=OFF
Reconstruction from ROI=OFF
Filter cutoff relative to Nyquist frequency=100
Filter type=0
Filter type description=Hamming (Alpha=0.54)
Undersampling factor=1
Threshold for defect pixel mask (%)=0
Beam Hardening Correction (%)=40
CS Static Rotation (deg)=0.00
CS Static Rotation Total(deg)=0.00
Minimum for CS to Image Conversion=0.000000
Maximum for CS to Image Conversion=0.280535
HU Calibration=OFF
BMP LUT=0
Cone-beam Angle Horiz.(deg)=7.552865
Cone-beam Angle Vert.(deg)=5.063967
[File name convention]
Filename Index Length=8
Filename Prefix=CC__rec
